GEM
  remote: https://rubygems.org/
  specs:
    connection_pool (2.2.2)
    deep_merge (1.2.1)
    diff-lcs (1.3)
    rspec (3.9.0)
      rspec-core (~> 3.9.0)
      rspec-expectations (~> 3.9.0)
      rspec-mocks (~> 3.9.0)
    rspec-core (3.9.0)
      rspec-support (~> 3.9.0)
    rspec-expectations (3.9.0)
      diff-lcs (>= 1.2.0, < 2.0)
      rspec-support (~> 3.9.0)
    rspec-mocks (3.9.0)
      diff-lcs (>= 1.2.0, < 2.0)
      rspec-support (~> 3.9.0)
    rspec-support (3.9.0)

PLATFORMS
  x64-mingw32
  x86-mingw32

DEPENDENCIES
  connection_pool
  deep_merge
  rspec

BUNDLED WITH
   2.0.2
